GEM
  remote: http://gems.lmpcloud.com/
  remote: http://rubygems.org/
  specs:
    activemodel (3.0.3)
      activesupport (= 3.0.3)
      builder (~> 2.1.2)
      i18n (~> 0.4)
    activerecord (3.0.3)
      activemodel (= 3.0.3)
      activesupport (= 3.0.3)
      arel (~> 2.0.2)
      tzinfo (~> 0.3.23)
    activesupport (3.0.3)
    andand (1.3.1)
    arel (2.0.6)
    builder (2.1.2)
    columnize (0.3.2)
    cucumber (0.8.5)
      builder (~> 2.1.2)
      diff-lcs (~> 1.1.2)
      gherkin (~> 2.1.4)
      json_pure (~> 1.4.3)
      term-ansicolor (~> 1.0.4)
    diff-lcs (1.1.2)
    fixjour (0.5.1)
      activerecord
    gherkin (2.1.5)
      trollop (~> 1.16.2)
    i18n (0.5.0)
    json_pure (1.4.6)
    linecache (0.43)
    nokogiri (1.4.4)
    rake (0.8.7)
    rspec (1.3.1)
    rspec-core (2.4.0)
    rspec-expectations (2.4.0)
      diff-lcs (~> 1.1.2)
    rspec-mocks (2.4.0)
    ruby-debug (0.10.3)
      columnize (>= 0.1)
      ruby-debug-base (~> 0.10.3.0)
    ruby-debug-base (0.10.3)
      linecache (>= 0.3)
    term-ansicolor (1.0.5)
    trollop (1.16.2)
    tzinfo (0.3.23)

PLATFORMS
  ruby

DEPENDENCIES
  andand (= 1.3.1)
  cucumber (= 0.8.5)
  fixjour (= 0.5.1)
  nokogiri (= 1.4.4)
  rake (= 0.8.7)
  rspec (= 1.3.1)
  rspec-core
  rspec-expectations
  rspec-mocks
  ruby-debug (= 0.10.3)
