GEM
  remote: http://gems.lmpcloud.com/
  remote: https://rubygems.org/
  specs:
    activemodel (3.0.4)
      activesupport (= 3.0.4)
      builder (~> 2.1.2)
      i18n (~> 0.4)
    activerecord (3.0.4)
      activemodel (= 3.0.4)
      activesupport (= 3.0.4)
      arel (~> 2.0.2)
      tzinfo (~> 0.3.23)
    activesupport (3.0.4)
    andand (1.3.1)
    arel (2.0.8)
    builder (2.1.2)
    columnize (0.3.6)
    cucumber (1.2.2)
      builder (>= 2.1.2)
      diff-lcs (>= 1.1.3)
      gherkin (~> 2.11.6)
      multi_json (~> 1.3)
    debugger (1.5.0)
      columnize (>= 0.3.1)
      debugger-linecache (~> 1.2.0)
      debugger-ruby_core_source (~> 1.2.0)
    debugger-linecache (1.2.0)
    debugger-ruby_core_source (1.2.0)
    diff-lcs (1.1.3)
    fixjour (0.5.1)
      activerecord
    gherkin (2.11.6)
      json (>= 1.7.6)
    i18n (0.5.0)
    json (1.7.7)
    multi_json (1.7.0)
    nokogiri (1.4.4)
    rake (0.8.7)
    rspec (2.5.0)
      rspec-core (~> 2.5.0)
      rspec-expectations (~> 2.5.0)
      rspec-mocks (~> 2.5.0)
    rspec-core (2.5.1)
    rspec-expectations (2.5.0)
      diff-lcs (~> 1.1.2)
    rspec-mocks (2.5.0)
    tzinfo (0.3.24)

PLATFORMS
  ruby

DEPENDENCIES
  andand (= 1.3.1)
  cucumber (= 1.2.2)
  debugger
  fixjour (= 0.5.1)
  nokogiri (= 1.4.4)
  rake (= 0.8.7)
  rspec (~> 2.5.0)
  rspec-core (~> 2.5.0)
  rspec-expectations (~> 2.5.0)
  rspec-mocks (~> 2.5.0)
